GEM
  remote: https://rubygems.org/
  specs:
    cinch (2.3.2)
    rack (2.0.1)
    puma (2.11.1)

PLATFORMS
  ruby

DEPENDENCIES
  cinch
  rack
  puma-stats-logger!

BUNDLED WITH
   1.12.5
